GIT
  remote: git://github.com/MateriaBrasil/active_admin.git
  revision: ed346e99c78a5816ce3219e7f2194fd5b62f6b34
  specs:
    activeadmin (0.4.4)
      bourbon (>= 1.0.0)
      devise (>= 1.1.2)
      fastercsv
      formtastic (~> 2.1.1)
      inherited_resources (>= 1.3.1)
      jquery-rails (>= 1.0.0)
      kaminari (>= 0.13.0)
      meta_search (>= 0.9.2)
      rails (>= 3.0.0)
      sass (>= 3.1.0)

GEM
  remote: https://rubygems.org/
  specs:
    actionmailer (3.2.11)
      actionpack (= 3.2.11)
      mail (~> 2.4.4)
    actionpack (3.2.11)
      activemodel (= 3.2.11)
      activesupport (= 3.2.11)
      builder (~> 3.0.0)
      erubis (~> 2.7.0)
      journey (~> 1.0.4)
      rack (~> 1.4.0)
      rack-cache (~> 1.2)
      rack-test (~> 0.6.1)
      sprockets (~> 2.2.1)
    activemodel (3.2.11)
      activesupport (= 3.2.11)
      builder (~> 3.0.0)
    activerecord (3.2.11)
      activemodel (= 3.2.11)
      activesupport (= 3.2.11)
      arel (~> 3.0.2)
      tzinfo (~> 0.3.29)
    activeresource (3.2.11)
      activemodel (= 3.2.11)
      activesupport (= 3.2.11)
    activesupport (3.2.11)
      i18n (~> 0.6)
      multi_json (~> 1.0)
    acts_as_tree_rails3 (0.1.0)
    addressable (2.3.2)
    arel (3.0.2)
    bcrypt-ruby (3.0.1)
    bourbon (3.0.1)
      sass (>= 3.2.0)
      thor
    bourne (1.1.2)
      mocha (= 0.10.5)
    builder (3.0.4)
    capybara (2.0.2)
      mime-types (>= 1.16)
      nokogiri (>= 1.3.3)
      rack (>= 1.0.0)
      rack-test (>= 0.5.4)
      selenium-webdriver (~> 2.0)
      xpath (~> 1.0.0)
    carrierwave (0.8.0)
      activemodel (>= 3.2.0)
      activesupport (>= 3.2.0)
    childprocess (0.3.6)
      ffi (~> 1.0, >= 1.0.6)
    chunky_png (1.2.7)
    coffee-rails (3.2.2)
      coffee-script (>= 2.2.0)
      railties (~> 3.2.0)
    coffee-script (2.2.0)
      coffee-script-source
      execjs
    coffee-script-source (1.4.0)
    compass (0.12.2)
      chunky_png (~> 1.2)
      fssm (>= 0.2.7)
      sass (~> 3.1)
    compass-960-plugin (0.10.4)
      compass (>= 0.10.0)
    compass-rails (1.0.3)
      compass (>= 0.12.2, < 0.14)
    cucumber (1.2.1)
      builder (>= 2.1.2)
      diff-lcs (>= 1.1.3)
      gherkin (~> 2.11.0)
      json (>= 1.4.6)
    cucumber-rails (1.3.0)
      capybara (>= 1.1.2)
      cucumber (>= 1.1.8)
      nokogiri (>= 1.5.0)
    dalli (2.6.0)
    database_cleaner (0.9.1)
    devise (2.2.0)
      bcrypt-ruby (~> 3.0)
      orm_adapter (~> 0.1)
      railties (~> 3.1)
      warden (~> 1.2.1)
    diff-lcs (1.1.3)
    erubis (2.7.0)
    excon (0.16.10)
    execjs (1.4.0)
      multi_json (~> 1.0)
    faraday (0.8.4)
      multipart-post (~> 1.1)
    fastercsv (1.5.5)
    ffi (1.3.1)
    fog (1.8.0)
      builder
      excon (~> 0.14)
      formatador (~> 0.2.0)
      mime-types
      multi_json (~> 1.0)
      net-scp (~> 1.0.4)
      net-ssh (>= 2.1.3)
      nokogiri (~> 1.5.0)
      ruby-hmac
    formatador (0.2.4)
    formtastic (2.1.1)
      actionpack (~> 3.0)
    friendly_id (4.0.9)
    fssm (0.2.9)
    gherkin (2.11.5)
      json (>= 1.4.6)
    has_scope (0.5.1)
    hashie (1.2.0)
    heroku (2.34.0)
      heroku-api (~> 0.3.7)
      launchy (>= 0.3.2)
      netrc (~> 0.7.7)
      rest-client (~> 1.6.1)
      rubyzip
    heroku-api (0.3.7)
      excon (~> 0.16.10)
    hike (1.2.1)
    httpauth (0.2.0)
    i18n (0.6.1)
    inherited_resources (1.3.1)
      has_scope (~> 0.5.0)
      responders (~> 0.6)
    jasmine (1.3.1)
      jasmine-core (~> 1.3.1)
      rack (~> 1.0)
      rspec (>= 1.3.1)
      selenium-webdriver (>= 0.1.3)
    jasmine-core (1.3.1)
    journey (1.0.4)
    jquery-rails (2.1.4)
      railties (>= 3.0, < 5.0)
      thor (>= 0.14, < 2.0)
    json (1.7.6)
    jwt (0.1.5)
      multi_json (>= 1.0)
    kaminari (0.14.1)
      actionpack (>= 3.0.0)
      activesupport (>= 3.0.0)
    launchy (2.1.2)
      addressable (~> 2.3)
    libwebsocket (0.1.7.1)
      addressable
      websocket
    machinist (2.0)
    mail (2.4.4)
      i18n (>= 0.4.0)
      mime-types (~> 1.16)
      treetop (~> 1.4.8)
    meta_search (1.1.3)
      actionpack (~> 3.1)
      activerecord (~> 3.1)
      activesupport (~> 3.1)
      polyamorous (~> 0.5.0)
    metaclass (0.0.1)
    mime-types (1.19)
    mini_magick (3.4)
      subexec (~> 0.2.1)
    mocha (0.10.5)
      metaclass (~> 0.0.1)
    multi_json (1.5.0)
    multipart-post (1.1.5)
    net-scp (1.0.4)
      net-ssh (>= 1.99.1)
    net-ssh (2.6.3)
    netrc (0.7.7)
    nokogiri (1.5.6)
    oauth2 (0.8.0)
      faraday (~> 0.8)
      httpauth (~> 0.1)
      jwt (~> 0.1.4)
      multi_json (~> 1.0)
      rack (~> 1.2)
    omniauth (1.1.1)
      hashie (~> 1.2)
      rack
    omniauth-facebook (1.4.1)
      omniauth-oauth2 (~> 1.1.0)
    omniauth-oauth2 (1.1.1)
      oauth2 (~> 0.8.0)
      omniauth (~> 1.0)
    orm_adapter (0.4.0)
    pg (0.14.1)
    pg_search (0.5.7)
      activerecord (>= 3)
      activesupport (>= 3)
    polyamorous (0.5.0)
      activerecord (~> 3.0)
    polyglot (0.3.3)
    rack (1.4.3)
    rack-cache (1.2)
      rack (>= 0.4)
    rack-ssl (1.3.2)
      rack
    rack-test (0.6.2)
      rack (>= 1.0)
    rails (3.2.11)
      actionmailer (= 3.2.11)
      actionpack (= 3.2.11)
      activerecord (= 3.2.11)
      activeresource (= 3.2.11)
      activesupport (= 3.2.11)
      bundler (~> 1.0)
      railties (= 3.2.11)
    railties (3.2.11)
      actionpack (= 3.2.11)
      activesupport (= 3.2.11)
      rack-ssl (~> 1.3.2)
      rake (>= 0.8.7)
      rdoc (~> 3.4)
      thor (>= 0.14.6, < 2.0)
    rake (10.0.3)
    rdoc (3.12)
      json (~> 1.4)
    responders (0.9.3)
      railties (~> 3.1)
    rest-client (1.6.7)
      mime-types (>= 1.16)
    rspec (2.12.0)
      rspec-core (~> 2.12.0)
      rspec-expectations (~> 2.12.0)
      rspec-mocks (~> 2.12.0)
    rspec-core (2.12.2)
    rspec-expectations (2.12.1)
      diff-lcs (~> 1.1.3)
    rspec-mocks (2.12.1)
    rspec-rails (2.12.1)
      actionpack (>= 3.0)
      activesupport (>= 3.0)
      railties (>= 3.0)
      rspec-core (~> 2.12.0)
      rspec-expectations (~> 2.12.0)
      rspec-mocks (~> 2.12.0)
    ruby-hmac (0.4.0)
    rubyzip (0.9.9)
    sass (3.2.5)
    sass-rails (3.2.5)
      railties (~> 3.2.0)
      sass (>= 3.1.10)
      tilt (~> 1.3)
    selenium-webdriver (2.27.2)
      childprocess (>= 0.2.5)
      libwebsocket (~> 0.1.3)
      multi_json (~> 1.0)
      rubyzip
    sequel (3.20.0)
    shoulda-matchers (1.4.2)
      activesupport (>= 3.0.0)
      bourne (~> 1.1.2)
    simple_form (2.0.4)
      actionpack (~> 3.0)
      activemodel (~> 3.0)
    sinatra (1.0)
      rack (>= 1.0)
    slim (1.3.6)
      temple (~> 0.5.5)
      tilt (~> 1.3.3)
    sprockets (2.2.2)
      hike (~> 1.2)
      multi_json (~> 1.0)
      rack (~> 1.0)
      tilt (~> 1.1, != 1.3.0)
    subexec (0.2.2)
    taps (0.3.24)
      rack (>= 1.0.1)
      rest-client (>= 1.4.0, < 1.7.0)
      sequel (~> 3.20.0)
      sinatra (~> 1.0.0)
    temple (0.5.5)
    thor (0.16.0)
    tilt (1.3.3)
    treetop (1.4.12)
      polyglot
      polyglot (>= 0.3.1)
    tzinfo (0.3.35)
    uglifier (1.3.0)
      execjs (>= 0.3.0)
      multi_json (~> 1.0, >= 1.0.2)
    warden (1.2.1)
      rack (>= 1.0)
    websocket (1.0.6)
    xpath (1.0.0)
      nokogiri (~> 1.3)

PLATFORMS
  ruby

DEPENDENCIES
  activeadmin!
  acts_as_tree_rails3
  capybara
  carrierwave
  coffee-rails
  compass-960-plugin
  compass-rails
  cucumber-rails
  dalli
  database_cleaner
  fog
  friendly_id (~> 4.0.1)
  has_scope
  heroku
  inherited_resources
  jasmine
  jquery-rails
  machinist (>= 2.0.0.beta2)
  meta_search (>= 1.1.0.pre)
  mini_magick
  omniauth
  omniauth-facebook
  pg
  pg_search
  rails (~> 3.2.8)
  rspec
  rspec-mocks
  rspec-rails (~> 2.0)
  sass-rails
  shoulda-matchers
  simple_form
  slim
  taps
  uglifier (>= 1.0.3)
